GEM
  remote: https://rubygems.org/
  specs:
    ast (2.4.2)
    date (3.4.0)
    dmarc (0.6.0)
      parslet (>= 1.0.0, < 3.0.0)
    docile (1.4.1)
    eventmachine (1.2.7)
    json (2.9.0)
    language_server-protocol (3.17.0.3)
    mail (2.8.1)
      mini_mime (>= 0.1.1)
      net-imap
      net-pop
      net-smtp
    milter (0.0.1)
      eventmachine (~> 1.0)
    mini_mime (1.1.5)
    minitest (5.25.4)
    mocha (2.7.1)
      ruby2_keywords (>= 0.0.5)
    net-imap (0.5.1)
      date
      net-protocol
    net-pop (0.1.2)
      net-protocol
    net-protocol (0.2.2)
      timeout
    net-smtp (0.5.0)
      net-protocol
    parallel (1.26.3)
    parser (3.3.6.0)
      ast (~> 2.4.1)
      racc
    parslet (2.0.0)
    racc (1.8.1)
    rainbow (3.1.1)
    rake (13.2.1)
    regexp_parser (2.9.3)
    resolv (0.5.0)
    resolv-replace (0.1.1)
      resolv
    rubocop (1.69.1)
      json (~> 2.3)
      language_server-protocol (>= 3.17.0)
      parallel (~> 1.10)
      parser (>= 3.3.0.2)
      rainbow (>= 2.2.2, < 4.0)
      regexp_parser (>= 2.9.3, < 3.0)
      rubocop-ast (>= 1.36.2, < 2.0)
      ruby-progressbar (~> 1.7)
      unicode-display_width (>= 2.4.0, < 4.0)
    rubocop-ast (1.36.2)
      parser (>= 3.3.1.0)
    rubocop-minitest (0.36.0)
      rubocop (>= 1.61, < 2.0)
      rubocop-ast (>= 1.31.1, < 2.0)
    ruby-progressbar (1.13.0)
    ruby2_keywords (0.0.5)
    simplecov (0.22.0)
      docile (~> 1.1)
      simplecov-html (~> 0.11)
      simplecov_json_formatter (~> 0.1)
    simplecov-html (0.13.1)
    simplecov_json_formatter (0.1.4)
    timeout (0.4.2)
    unicode-display_width (3.1.2)
      unicode-emoji (~> 4.0, >= 4.0.4)
    unicode-emoji (4.0.4)

PLATFORMS
  aarch64-linux
  ruby

DEPENDENCIES
  dmarc
  mail
  milter
  minitest
  mocha
  rake
  resolv-replace
  rubocop
  rubocop-minitest
  simplecov

BUNDLED WITH
   2.5.22
